PATH
  remote: /Users/haruyama.makoto/worker_scoreboard
  specs:
    worker_scoreboard (0.0.2)

GEM
  remote: https://rubygems.org/
  specs:
    kgio (2.9.3)
    parallel (1.3.3)
    rack (1.6.1)
    raindrops (0.13.0)
    unicorn (4.9.0)
      kgio (~> 2.6)
      rack
      raindrops (~> 0.7)

PLATFORMS
  ruby

DEPENDENCIES
  parallel
  unicorn
  worker_scoreboard!
