GIT
  remote: https://github.com/SpringMT/worker_scoreboard.git
  revision: 9f6ab52e0e132339ea019a9be22d9c586d9036fd
  specs:
    worker_scoreboard (0.0.5)

GEM
  remote: https://rubygems.org/
  specs:
    kgio (2.11.2)
    parallel (1.12.1)
    raindrops (0.19.0)
    unicorn (5.4.0)
      kgio (~> 2.6)
      raindrops (~> 0.7)

PLATFORMS
  ruby

DEPENDENCIES
  parallel
  unicorn
  worker_scoreboard!

BUNDLED WITH
   1.16.1
