GIT
  remote: https://github.com/SpringMT/worker_scoreboard.git
  revision: 949d7a98b4044f26b9de864a64eb6cc790cab1ba
  specs:
    worker_scoreboard (0.0.3)

GEM
  remote: https://rubygems.org/
  specs:
    kgio (2.9.3)
    parallel (1.3.3)
    rack (1.6.1)
    raindrops (0.13.0)
    unicorn (4.9.0)
      kgio (~> 2.6)
      rack
      raindrops (~> 0.7)

PLATFORMS
  ruby

DEPENDENCIES
  parallel
  unicorn
  worker_scoreboard!
